GEM
  remote: http://rubygems.org/
  specs:
    httpclient (2.2.7)

PLATFORMS
  ruby

DEPENDENCIES
  httpclient
