GEM
  remote: https://rubygems.org/
  specs:
    activesupport (3.2.13)
      i18n (= 0.6.1)
      multi_json (~> 1.0)
    chronic (0.9.0)
    httpclient (2.2.7)
    i18n (0.6.1)
    multi_json (1.7.2)
    nokogiri (1.5.6)
    rake (10.0.4)
    whenever (0.8.2)
      activesupport (>= 2.3.4)
      chronic (>= 0.6.3)

PLATFORMS
  ruby

DEPENDENCIES
  httpclient
  nokogiri
  rake
  whenever
